GEM
  remote: http://rubygems.org/
  specs:
    api_cache (0.2.0)
    crack (0.1.8)
    httparty (0.6.1)
      crack (= 0.1.8)
    mechanize (1.0.0)
      nokogiri (>= 1.2.1)
    mime-types (1.16)
    nokogiri (1.4.3.1)
    octopi (0.2.8)
      api_cache
      httparty (>= 0.4.5)
      mechanize (>= 0.9.3)
      nokogiri (>= 1.3.1)
    parka (0.4.3)
      crack
      rest-client
      thor
    rest-client (1.6.1)
      mime-types (>= 1.16)
    thor (0.14.0)

PLATFORMS
  ruby

DEPENDENCIES
  octopi (~> 0.2.8)
  parka
