GEM
  remote: http://rubygems.org/
  specs:
    addressable (2.3.6)
    crack (0.3.2)
    faraday (0.9.0)
      multipart-post (>= 1.2, < 3)
    json (1.8.1)
    mime-types (1.25.1)
    multipart-post (2.0.0)
    octokit (3.7.0)
      sawyer (~> 0.6.0, >= 0.5.3)
    parka (0.8.0)
      crack (~> 0.3.0)
      psych (~> 1.2.1)
      rest-client (~> 1.6.7)
      thor (~> 0.14.6)
    psych (1.2.2)
    rdoc (4.2.0)
      json (~> 1.4)
    rest-client (1.6.8)
      mime-types (~> 1.16)
      rdoc (>= 2.4.2)
    sawyer (0.6.0)
      addressable (~> 2.3.5)
      faraday (~> 0.8, < 0.10)
    thor (0.14.6)

PLATFORMS
  ruby

DEPENDENCIES
  octokit
  parka
